PATH
  remote: .
  specs:
    bitsontherun (0.1.2)
      curb
      json

GEM
  remote: https://rubygems.org/
  specs:
    addressable (2.2.7)
    crack (0.3.1)
    curb (0.9.3)
    diff-lcs (1.2.5)
    json (1.8.3)
    rspec (3.4.0)
      rspec-core (~> 3.4.0)
      rspec-expectations (~> 3.4.0)
      rspec-mocks (~> 3.4.0)
    rspec-core (3.4.4)
      rspec-support (~> 3.4.0)
    rspec-expectations (3.4.0)
      diff-lcs (>= 1.2.0, < 2.0)
      rspec-support (~> 3.4.0)
    rspec-mocks (3.4.1)
      diff-lcs (>= 1.2.0, < 2.0)
      rspec-support (~> 3.4.0)
    rspec-support (3.4.1)
    webmock (1.8.6)
      addressable (>= 2.2.7)
      crack (>= 0.1.7)

PLATFORMS
  ruby

DEPENDENCIES
  bitsontherun!
  bundler (~> 1.10)
  rspec (~> 3.0)
  webmock (~> 1.6)

BUNDLED WITH
   1.11.2
